PATH
  remote: .
  specs:
    lumberjack (1.0.13)

GEM
  remote: https://rubygems.org/
  specs:
    diff-lcs (1.3)
    rspec (3.7.0)
      rspec-core (~> 3.7.0)
      rspec-expectations (~> 3.7.0)
      rspec-mocks (~> 3.7.0)
    rspec-core (3.7.1)
      rspec-support (~> 3.7.0)
    rspec-expectations (3.7.0)
      diff-lcs (>= 1.2.0, < 2.0)
      rspec-support (~> 3.7.0)
    rspec-mocks (3.7.0)
      diff-lcs (>= 1.2.0, < 2.0)
      rspec-support (~> 3.7.0)
    rspec-support (3.7.1)
    timecop (0.9.1)

PLATFORMS
  java
  ruby

DEPENDENCIES
  lumberjack!
  rspec (~> 3.0)
  timecop (~> 0.8)

BUNDLED WITH
   1.16.1
